PATH
  remote: .
  specs:
    amqp_actors (0.0.1)
      bunny

GEM
  remote: https://rubygems.org/
  specs:
    amq-protocol (2.1.0)
    bunny (2.6.3)
      amq-protocol (>= 2.0.1)
    minitest (5.10.1)
    rake (12.0.0)

PLATFORMS
  ruby

DEPENDENCIES
  amqp_actors!
  bundler
  minitest
  rake

BUNDLED WITH
   1.13.7
