PATH
  remote: .
  specs:
    amqp_actors (0.0.1)
      bunny

GEM
  remote: https://rubygems.org/
  specs:
    amq-protocol (2.1.0)
    ansi (1.5.0)
    builder (3.2.3)
    bunny (2.6.3)
      amq-protocol (>= 2.0.1)
    bunny-mock (1.5.0)
      bunny (>= 1.7)
    codeclimate-test-reporter (1.0.5)
      simplecov
    docile (1.1.5)
    json (2.0.3)
    minitest (5.10.1)
    minitest-reporters (1.1.14)
      ansi
      builder
      minitest (>= 5.0)
      ruby-progressbar
    rake (12.0.0)
    ruby-progressbar (1.8.1)
    simplecov (0.13.0)
      docile (~> 1.1.0)
      json (>= 1.8, < 3)
      simplecov-html (~> 0.10.0)
    simplecov-html (0.10.0)

PLATFORMS
  ruby

DEPENDENCIES
  amqp_actors!
  bundler
  bunny-mock
  codeclimate-test-reporter (~> 1.0.0)
  minitest
  minitest-reporters
  rake
  simplecov

BUNDLED WITH
   1.13.7
