PATH
  remote: .
  specs:
    amqp_actors (0.0.1)
      bunny

GEM
  remote: https://rubygems.org/
  specs:
    amq-protocol (2.3.2)
    ansi (1.5.0)
    builder (3.2.4)
    bunny (2.19.0)
      amq-protocol (~> 2.3, >= 2.3.1)
      sorted_set (~> 1, >= 1.0.2)
    bunny-mock (1.7.0)
      bunny (>= 1.7)
    docile (1.4.0)
    minitest (5.15.0)
    minitest-reporters (1.4.3)
      ansi
      builder
      minitest (>= 5.0)
      ruby-progressbar
    rake (13.0.6)
    rbtree (0.4.4)
    ruby-progressbar (1.11.0)
    set (1.0.2)
    simplecov (0.21.2)
      docile (~> 1.1)
      simplecov-html (~> 0.11)
      simplecov_json_formatter (~> 0.1)
    simplecov-html (0.12.3)
    simplecov_json_formatter (0.1.3)
    sorted_set (1.0.3)
      rbtree
      set (~> 1.0)

PLATFORMS
  ruby

DEPENDENCIES
  amqp_actors!
  bundler
  bunny-mock
  minitest
  minitest-reporters
  rake
  simplecov

BUNDLED WITH
   2.3.3
